GEM
  remote: https://rubygems.org/
  specs:
    colorize (0.8.1)
    net-ssh (5.1.0)

PLATFORMS
  ruby

DEPENDENCIES
  colorize (= 0.8.1)
  net-ssh (= 5.1)

BUNDLED WITH
   1.16.6
